GEM
  remote: https://rubygems.org/
  specs:
    bubble-wrap (1.5.0)

PLATFORMS
  ruby

DEPENDENCIES
  bubble-wrap (~> 1.5.0)
